GEM
  remote: https://rubygems.org/
  specs:
    benchmark-driver (0.1.0)
      benchmark_driver
    benchmark_driver (0.15.6)
    coderay (1.1.2)
    daemons (1.3.1)
    eventmachine (1.2.7)
    eventmachine (1.2.7-java)
    ffi (1.11.1-java)
    method_source (0.9.2)
    mustermann (1.1.1)
      ruby2_keywords (~> 0.0.1)
    pry (0.12.2)
      coderay (~> 1.1)
      method_source (~> 0.9.0)
    pry (0.12.2-java)
      coderay (~> 1.1.0)
      method_source (~> 0.9.0)
      spoon (~> 0.0)
    rack (2.2.2)
    rack-protection (2.0.8.1)
      rack
    ruby2_keywords (0.0.2)
    sinatra (2.0.8.1)
      mustermann (~> 1.0)
      rack (~> 2.0)
      rack-protection (= 2.0.8.1)
      tilt (~> 2.0)
    spoon (0.0.6)
      ffi
    stackprof (0.2.13)
    thin (1.7.2)
      daemons (~> 1.0, >= 1.0.9)
      eventmachine (~> 1.0, >= 1.0.4)
      rack (>= 1, < 3)
    tilt (2.0.10)

PLATFORMS
  java
  ruby

DEPENDENCIES
  benchmark-driver
  pry
  sinatra
  stackprof
  thin

BUNDLED WITH
   1.17.2
