GEM
  remote: https://rubygems.org/
  specs:
    benchmark-driver (0.1.0)
      benchmark_driver
    benchmark_driver (0.14.11)
    coderay (1.1.2)
    ffi (1.9.25-java)
    method_source (0.9.2)
    mustermann (1.0.3)
    pry (0.12.2)
      coderay (~> 1.1.0)
      method_source (~> 0.9.0)
    pry (0.12.2-java)
      coderay (~> 1.1.0)
      method_source (~> 0.9.0)
      spoon (~> 0.0)
    rack (2.0.6)
    rack-protection (2.0.4)
      rack
    sinatra (2.0.4)
      mustermann (~> 1.0)
      rack (~> 2.0)
      rack-protection (= 2.0.4)
      tilt (~> 2.0)
    spoon (0.0.6)
      ffi
    tilt (2.0.8)

PLATFORMS
  java
  ruby

DEPENDENCIES
  benchmark-driver
  pry
  sinatra

BUNDLED WITH
   1.17.1
